GIT
  remote: git://github.com/radar/forem-redcarpet.git
  revision: c53be9a5c3e97d65546f3f56b53f82669f3a5af5
  specs:
    forem-redcarpet (1.0.2)
      nokogiri
      pygments.rb (= 0.5.4)
      redcarpet (= 3.0.0)

GIT
  remote: https://github.com/radar/forem-bootstrap.git
  revision: 10be50afc1d0a22af1306076e41624c55fc585be
  specs:
    forem-bootstrap (0.0.1)
      bootstrap-sass (~> 3.1)

GIT
  remote: https://github.com/radar/forem.git
  revision: 7dce0c969b09e1e5e8b5c6f0562ab56810bb687a
  branch: rails4
  specs:
    forem (1.0.0.beta1)
      cancancan (~> 1.7)
      decorators (~> 1.0.2)
      friendly_id (~> 5.0.0)
      gemoji (= 2.1.0)
      rails (~> 4.0, <= 4.2)
      sanitize (= 2.0.6)
      select2-rails (~> 3.5.4)
      simple_form (~> 3.0.1)
      workflow (= 1.0.0)

GEM
  remote: http://rubygems.org/
  specs:
    actionmailer (4.2.0)
      actionpack (= 4.2.0)
      actionview (= 4.2.0)
      activejob (= 4.2.0)
      mail (~> 2.5, >= 2.5.4)
      rails-dom-testing (~> 1.0, >= 1.0.5)
    actionpack (4.2.0)
      actionview (= 4.2.0)
      activesupport (= 4.2.0)
      rack (~> 1.6.0)
      rack-test (~> 0.6.2)
      rails-dom-testing (~> 1.0, >= 1.0.5)
      rails-html-sanitizer (~> 1.0, >= 1.0.1)
    actionview (4.2.0)
      activesupport (= 4.2.0)
      builder (~> 3.1)
      erubis (~> 2.7.0)
      rails-dom-testing (~> 1.0, >= 1.0.5)
      rails-html-sanitizer (~> 1.0, >= 1.0.1)
    activejob (4.2.0)
      activesupport (= 4.2.0)
      globalid (>= 0.3.0)
    activemodel (4.2.0)
      activesupport (= 4.2.0)
      builder (~> 3.1)
    activerecord (4.2.0)
      activemodel (= 4.2.0)
      activesupport (= 4.2.0)
      arel (~> 6.0)
    activesupport (4.2.0)
      i18n (~> 0.7)
      json (~> 1.7, >= 1.7.7)
      minitest (~> 5.1)
      thread_safe (~> 0.3, >= 0.3.4)
      tzinfo (~> 1.1)
    arel (6.0.0)
    aws-sdk (1.60.2)
      aws-sdk-v1 (= 1.60.2)
    aws-sdk-v1 (1.60.2)
      json (~> 1.4)
      nokogiri (>= 1.4.4)
    bcrypt (3.1.9)
    bootstrap-sass (3.3.1.0)
      sass (~> 3.2)
    builder (3.2.2)
    cancancan (1.9.2)
    celluloid (0.16.0)
      timers (~> 4.0.0)
    climate_control (0.0.3)
      activesupport (>= 3.0)
    cocaine (0.5.5)
      climate_control (>= 0.0.3, < 1.0)
    coffee-rails (4.0.1)
      coffee-script (>= 2.2.0)
      railties (>= 4.0.0, < 5.0)
    coffee-script (2.3.0)
      coffee-script-source
      execjs
    coffee-script-source (1.8.0)
    coverart (0.0.4)
      faraday
    decorators (1.0.3)
      railties (>= 3.0.19, != 3.2.9, != 3.2.8, != 3.2.7, != 3.2.6, != 3.2.5, != 3.2.4, != 3.2.3, != 3.2.2, != 3.2.10, != 3.2.1, != 3.2.0, != 3.1.9, != 3.1.8, != 3.1.7, != 3.1.6, != 3.1.5, != 3.1.4, != 3.1.3, != 3.1.2, != 3.1.1, != 3.1.0)
    devise (3.4.1)
      bcrypt (~> 3.0)
      orm_adapter (~> 0.1)
      railties (>= 3.2.6, < 5)
      responders
      thread_safe (~> 0.1)
      warden (~> 1.2.3)
    dotenv (1.0.2)
    dotenv-rails (1.0.2)
      dotenv (= 1.0.2)
    erubis (2.7.0)
    excon (0.42.1)
    execjs (2.2.2)
    faraday (0.8.9)
      multipart-post (~> 1.2.0)
    faraday_middleware (0.8.8)
      faraday (>= 0.7.4, < 0.9)
    friendly_id (5.0.4)
      activerecord (>= 4.0.0)
    gemoji (2.1.0)
    geocoder (1.2.6)
    globalid (0.3.0)
      activesupport (>= 4.1.0)
    hashie (1.2.0)
    hike (1.2.3)
    hitimes (1.2.2)
    httparty (0.13.3)
      json (~> 1.8)
      multi_xml (>= 0.5.2)
    httpclient (2.5.3.3)
    i18n (0.7.0)
    impressionist (1.5.1)
      httpclient (~> 2.2)
      nokogiri (~> 1.5)
    itunes-search-api (0.1.0)
      httparty
    jbuilder (2.2.6)
      activesupport (>= 3.0.0, < 5)
      multi_json (~> 1.2)
    jeff (1.1.0)
      excon (>= 0.22.1)
    jquery-rails (4.0.3)
      rails-dom-testing (~> 1.0)
      railties (>= 4.2.0)
      thor (>= 0.14, < 2.0)
    jquery-turbolinks (2.1.0)
      railties (>= 3.1.0)
      turbolinks
    json (1.8.1)
    jwt (1.2.0)
    kaminari (0.15.1)
      actionpack (>= 3.0.0)
      activesupport (>= 3.0.0)
    kgio (2.9.2)
    lazyload-rails (0.3.1)
      nokogiri (~> 1.5)
    loofah (2.0.1)
      nokogiri (>= 1.5.9)
    mail (2.6.3)
      mime-types (>= 1.16, < 3)
    mail_form (1.5.0)
      actionmailer (>= 3.2, < 5)
      activemodel (>= 3.2, < 5)
    mime-types (2.4.3)
    mini_portile (0.6.2)
    minitest (5.5.0)
    multi_json (1.3.7)
    multi_xml (0.5.5)
    multipart-post (1.2.0)
    musicbrainz (0.7.7)
      faraday
      nokogiri
    netrc (0.7.9)
    newrelic_rpm (3.9.9.275)
    nokogiri (1.6.5)
      mini_portile (~> 0.6.0)
    non-stupid-digest-assets (1.0.4)
    oauth2 (1.0.0)
      faraday (>= 0.8, < 0.10)
      jwt (~> 1.0)
      multi_json (~> 1.3)
      multi_xml (~> 0.5)
      rack (~> 1.2)
    omniauth (1.2.2)
      hashie (>= 1.2, < 4)
      rack (~> 1.0)
    omniauth-oauth2 (1.2.0)
      faraday (>= 0.8, < 0.10)
      multi_json (~> 1.3)
      oauth2 (~> 1.0)
      omniauth (~> 1.2)
    orm_adapter (0.5.0)
    paperclip (4.2.1)
      activemodel (>= 3.0.0)
      activesupport (>= 3.0.0)
      cocaine (~> 0.5.3)
      mime-types
    pg (0.17.1)
    posix-spawn (0.3.9)
    pygments.rb (0.5.4)
      posix-spawn (~> 0.3.6)
      yajl-ruby (~> 1.1.0)
    rack (1.6.0)
    rack-test (0.6.2)
      rack (>= 1.0)
    rails (4.2.0)
      actionmailer (= 4.2.0)
      actionpack (= 4.2.0)
      actionview (= 4.2.0)
      activejob (= 4.2.0)
      activemodel (= 4.2.0)
      activerecord (= 4.2.0)
      activesupport (= 4.2.0)
      bundler (>= 1.3.0, < 2.0)
      railties (= 4.2.0)
      sprockets-rails
    rails-deprecated_sanitizer (1.0.3)
      activesupport (>= 4.2.0.alpha)
    rails-dom-testing (1.0.5)
      activesupport (>= 4.2.0.beta, < 5.0)
      nokogiri (~> 1.6.0)
      rails-deprecated_sanitizer (>= 1.0.1)
    rails-html-sanitizer (1.0.1)
      loofah (~> 2.0)
    rails_12factor (0.0.3)
      rails_serve_static_assets
      rails_stdout_logging
    rails_serve_static_assets (0.0.3)
    rails_stdout_logging (0.0.3)
    railties (4.2.0)
      actionpack (= 4.2.0)
      activesupport (= 4.2.0)
      rake (>= 0.8.7)
      thor (>= 0.18.1, < 2.0)
    raindrops (0.13.0)
    rake (10.4.2)
    rdio_api (0.1.1)
      faraday (~> 0.8.0)
      faraday_middleware (~> 0.8.7)
      hashie (~> 1.2.0)
      multi_json (~> 1.3.0)
      simple_oauth (~> 0.1.5)
    rdoc (4.2.0)
      json (~> 1.4)
    redcarpet (3.0.0)
    redis (3.2.0)
    responders (2.0.2)
      railties (>= 4.2.0.alpha, < 5)
    rest_client (1.8.2)
      netrc (~> 0.7.7)
    rspotify (1.9.1)
      omniauth-oauth2 (~> 1.1)
      rest_client (~> 1.8)
    sanitize (2.0.6)
      nokogiri (>= 1.4.4)
    sass (3.2.19)
    sass-rails (4.0.5)
      railties (>= 4.0.0, < 5.0)
      sass (~> 3.2.2)
      sprockets (~> 2.8, < 3.0)
      sprockets-rails (~> 2.0)
    sdoc (0.4.1)
      json (~> 1.7, >= 1.7.7)
      rdoc (~> 4.0)
    select2-rails (3.5.9.1)
      thor (~> 0.14)
    shareable (1.1.4)
      actionpack (>= 3.0.0)
      activesupport (>= 3.0.0)
    simple_form (3.0.3)
      actionpack (~> 4.0)
      activemodel (~> 4.0)
    simple_oauth (0.1.9)
    spring (1.2.0)
    sprockets (2.12.3)
      hike (~> 1.2)
      multi_json (~> 1.0)
      rack (~> 1.0)
      tilt (~> 1.1, != 1.3.0)
    sprockets-rails (2.2.2)
      actionpack (>= 3.0)
      activesupport (>= 3.0)
      sprockets (>= 2.8, < 4.0)
    sucker_punch (1.3.2)
      celluloid (~> 0.16.0)
    thor (0.19.1)
    thread_safe (0.3.4)
    tilt (1.4.1)
    timers (4.0.1)
      hitimes
    tinymce-rails (4.1.6)
      railties (>= 3.1.1)
    turbolinks (2.5.3)
      coffee-rails
    tzinfo (1.2.2)
      thread_safe (~> 0.1)
    uglifier (2.6.1)
      execjs (>= 0.3.0)
      json (>= 1.8.0)
    unicorn (4.8.3)
      kgio (~> 2.6)
      rack
      raindrops (~> 0.7)
    vacuum (1.2.0)
      jeff (~> 1.0)
      multi_xml (~> 0.5.0)
    warden (1.2.3)
      rack (>= 1.0)
    wicked (1.1.0)
      rails (>= 3.0.7)
    workflow (1.0.0)
    yajl-ruby (1.1.0)

PLATFORMS
  ruby

DEPENDENCIES
  aws-sdk
  cancancan (~> 1.9)
  coffee-rails (~> 4.0.0)
  coverart (~> 0.0.4)
  devise
  dotenv-rails
  forem!
  forem-bootstrap!
  forem-redcarpet!
  friendly_id (~> 5.0.0)
  geocoder
  httparty
  impressionist
  itunes-search-api
  jbuilder (~> 2.0)
  jquery-rails
  jquery-turbolinks
  kaminari (= 0.15.1)
  lazyload-rails
  mail_form
  musicbrainz
  newrelic_rpm
  non-stupid-digest-assets
  paperclip (~> 4.2)
  pg
  rails (= 4.2.0)
  rails_12factor
  rdio_api
  redis
  responders (~> 2.0)
  rspotify
  sass-rails (~> 4.0.3)
  sdoc (~> 0.4.0)
  shareable
  simple_form
  spring
  sucker_punch (~> 1.0)
  tinymce-rails
  turbolinks
  uglifier (>= 1.3.0)
  unicorn
  vacuum
  wicked
  workflow
